GEM
  remote: https://rubygems.org/
  specs:
    gosu (0.8.7.2-x86-mingw32)

PLATFORMS
  x86-mingw32

DEPENDENCIES
  gosu
